GEM
  remote: https://rubygems.org/
  specs:
    ast (2.4.2)
    coderay (1.1.3)
    diff-lcs (1.4.4)
    fakefs (1.4.0)
    method_source (1.0.0)
    minitest (5.14.4)
    oj (3.13.9)
    parallel (1.21.0)
    parser (3.0.2.0)
      ast (~> 2.4.1)
    pry (0.14.1)
      coderay (~> 1.1)
      method_source (~> 1.0)
    rainbow (3.0.0)
    rake (13.0.6)
    rbi (0.0.6)
      ast
      parser
      sorbet-runtime (>= 0.5.9204)
      unparser
    regexp_parser (2.1.1)
    rexml (3.2.5)
    rubocop (1.22.3)
      parallel (~> 1.10)
      parser (>= 3.0.0.0)
      rainbow (>= 2.2.2, < 4.0)
      regexp_parser (>= 1.8, < 3.0)
      rexml
      rubocop-ast (>= 1.12.0, < 2.0)
      ruby-progressbar (~> 1.7)
      unicode-display_width (>= 1.4.0, < 3.0)
    rubocop-ast (1.12.0)
      parser (>= 3.0.1.1)
    rubocop-shopify (2.3.0)
      rubocop (~> 1.22)
    rubocop-sorbet (0.6.2)
      rubocop
    ruby-progressbar (1.11.0)
    securerandom (0.1.1)
    sorbet (0.5.9293)
      sorbet-static (= 0.5.9293)
    sorbet-runtime (0.5.9297)
    sorbet-static (0.5.9293-universal-darwin-20)
    sorbet-static (0.5.9293-x86_64-linux)
    spoom (1.1.5)
      sorbet (>= 0.5.9204)
      sorbet-runtime (>= 0.5.9204)
      thor (>= 0.19.2)
    tapioca (0.5.4)
      bundler (>= 1.17.3)
      pry (>= 0.12.2)
      rbi
      sorbet-runtime
      sorbet-static (>= 0.5.6200)
      spoom
      thor (>= 0.19.2)
      yard-sorbet
    thor (1.1.0)
    unicode-display_width (2.1.0)
    unparser (0.6.0)
      diff-lcs (~> 1.3)
      parser (>= 3.0.0)
    yard (0.9.26)
    yard-sorbet (0.6.0)
      sorbet-runtime (>= 0.5)
      yard (>= 0.9)

PLATFORMS
  x86_64-darwin-20
  x86_64-linux

DEPENDENCIES
  fakefs
  minitest
  oj
  rake
  rubocop
  rubocop-shopify
  rubocop-sorbet
  securerandom
  sorbet
  sorbet-runtime
  tapioca

BUNDLED WITH
   2.2.22
