GEM
  remote: https://rubygems.org/
  specs:
    addressable (2.8.0)
      public_suffix (>= 2.0.2, < 5.0)
    ast (2.4.2)
    coderay (1.1.3)
    crack (0.4.5)
      rexml
    diff-lcs (1.5.0)
    fakefs (1.4.0)
    hashdiff (1.0.1)
    httparty (0.20.0)
      mime-types (~> 3.0)
      multi_xml (>= 0.5.2)
    jwt (2.3.0)
    method_source (1.0.0)
    mime-types (3.4.1)
      mime-types-data (~> 3.2015)
    mime-types-data (3.2021.1115)
    minitest (5.15.0)
    mocha (1.13.0)
    multi_xml (0.6.0)
    oj (3.13.10)
    openssl (3.0.0)
    parallel (1.21.0)
    parser (3.1.0.0)
      ast (~> 2.4.1)
    pry (0.14.1)
      coderay (~> 1.1)
      method_source (~> 1.0)
    public_suffix (4.0.6)
    rainbow (3.0.0)
    rake (13.0.6)
    rbi (0.0.9)
      ast
      parser
      sorbet-runtime (>= 0.5.9204)
      unparser
    regexp_parser (2.2.0)
    rexml (3.2.5)
    rubocop (1.24.1)
      parallel (~> 1.10)
      parser (>= 3.0.0.0)
      rainbow (>= 2.2.2, < 4.0)
      regexp_parser (>= 1.8, < 3.0)
      rexml
      rubocop-ast (>= 1.15.1, < 2.0)
      ruby-progressbar (~> 1.7)
      unicode-display_width (>= 1.4.0, < 3.0)
    rubocop-ast (1.15.1)
      parser (>= 3.0.1.1)
    rubocop-shopify (2.3.0)
      rubocop (~> 1.22)
    rubocop-sorbet (0.6.5)
      rubocop (>= 0.90.0)
    ruby-progressbar (1.11.0)
    securerandom (0.1.1)
    sorbet (0.5.9468)
      sorbet-static (= 0.5.9468)
    sorbet-runtime (0.5.9452)
    sorbet-static (0.5.9468-universal-darwin-20)
    sorbet-static (0.5.9468-universal-darwin-21)
    sorbet-static (0.5.9468-x86_64-linux)
    spoom (1.1.7)
      sorbet (>= 0.5.9204)
      sorbet-runtime (>= 0.5.9204)
      thor (>= 0.19.2)
    tapioca (0.6.1)
      bundler (>= 1.17.3)
      pry (>= 0.12.2)
      rbi (~> 0.0.0, >= 0.0.9)
      sorbet-runtime (>= 0.5.9204)
      sorbet-static (>= 0.5.9204)
      spoom (~> 1.1.0, >= 1.1.4)
      thor (>= 0.19.2)
      yard-sorbet
    thor (1.2.0)
    unicode-display_width (2.1.0)
    unparser (0.6.2)
      diff-lcs (~> 1.3)
      parser (>= 3.0.0)
    webmock (3.14.0)
      addressable (>= 2.8.0)
      crack (>= 0.3.2)
      hashdiff (>= 0.4.0, < 2.0.0)
    webrick (1.7.0)
    yard (0.9.27)
      webrick (~> 1.7.0)
    yard-sorbet (0.6.1)
      sorbet-runtime (>= 0.5)
      yard (>= 0.9)
    zeitwerk (2.5.3)

PLATFORMS
  arm64-darwin-21
  x86_64-darwin-20
  x86_64-linux

DEPENDENCIES
  fakefs
  httparty
  jwt
  minitest
  mocha
  oj
  openssl
  rake
  rubocop
  rubocop-shopify
  rubocop-sorbet
  securerandom
  sorbet
  sorbet-runtime
  tapioca
  webmock
  zeitwerk (~> 2.5)

BUNDLED WITH
   2.2.32
